PATH
  remote: .
  specs:
    best_novels (0.1.0)

GEM
  remote: https://rubygems.org/
  specs:
    coderay (1.1.2)
    colorize (0.8.1)
    method_source (0.9.2)
    mini_portile2 (2.4.0)
    nokogiri (1.10.9)
      mini_portile2 (~> 2.4.0)
    pry (0.12.2)
      coderay (~> 1.1.0)
      method_source (~> 0.9.0)
    rake (12.3.3)

PLATFORMS
  ruby

DEPENDENCIES
  best_novels!
  colorize
  nokogiri
  pry
  rake (~> 12.0)

BUNDLED WITH
   2.1.4
